PATH
  remote: .
  specs:
    json-jwt (0.1.0)
      activesupport (>= 2.3)
      i18n
      json (>= 1.4.3)
      url_safe_base64

GEM
  remote: http://rubygems.org/
  specs:
    activesupport (3.2.6)
      i18n (~> 0.6)
      multi_json (~> 1.0)
    coderay (1.0.6)
    configatron (2.9.1)
      yamler (>= 0.1.0)
    cover_me (1.2.0)
      configatron
      hashie
    diff-lcs (1.1.3)
    hashie (1.2.0)
    i18n (0.6.0)
    json (1.7.3)
    method_source (0.7.1)
    multi_json (1.3.6)
    pry (0.9.8.4)
      coderay (~> 1.0.5)
      method_source (~> 0.7.1)
      slop (>= 2.4.4, < 3)
    pry-nav (0.2.0)
      pry (~> 0.9.8.1)
    rake (0.9.2.2)
    rspec (2.10.0)
      rspec-core (~> 2.10.0)
      rspec-expectations (~> 2.10.0)
      rspec-mocks (~> 2.10.0)
    rspec-core (2.10.1)
    rspec-expectations (2.10.0)
      diff-lcs (~> 1.1.3)
    rspec-mocks (2.10.1)
    slop (2.4.4)
    url_safe_base64 (0.2.1)
    yamler (0.1.0)

PLATFORMS
  ruby

DEPENDENCIES
  cover_me (>= 1.2.0)
  jruby-openssl (>= 0.7)
  json-jwt!
  pry
  pry-nav
  rake (>= 0.8)
  rspec (>= 2)
